GEM
  remote: http://rubygems.org/
  specs:
    activesupport (3.0.9)
    ffi (1.0.9)
    i18n (0.5.0)
    json (1.4.6)
    kgio (2.4.1)
    rack (1.3.2)
    rrd-ffi (0.2.7)
      activesupport
      ffi
    shotgun (0.9)
      rack (>= 1.0)
    sinatra (1.2.6)
      rack (~> 1.1)
      tilt (>= 1.2.2, < 2.0)
    tilt (1.3.2)
    unicorn (3.7.0)
      kgio (~> 2.3)
      rack

PLATFORMS
  ruby

DEPENDENCIES
  activesupport
  i18n
  json
  rrd-ffi
  shotgun
  sinatra
  unicorn
