GEM
  remote: http://rubygems.org/
  specs:
    activesupport (3.0.9)
    coffee-script (2.2.0)
      coffee-script-source
      execjs
    coffee-script-source (1.1.2)
    execjs (1.2.4)
      multi_json (~> 1.0)
    ffi (1.0.9)
    haml (3.1.2)
    i18n (0.5.0)
    json (1.4.6)
    kgio (2.4.1)
    libv8 (3.3.10.2)
    multi_json (1.0.3)
    rack (1.3.2)
    rrd-ffi (0.2.7)
      activesupport
      ffi
    sass (3.1.7)
    shotgun (0.9)
      rack (>= 1.0)
    sinatra (1.2.6)
      rack (~> 1.1)
      tilt (>= 1.2.2, < 2.0)
    sinatra-content-for (0.2)
      sinatra
    therubyracer (0.9.3)
      libv8 (~> 3.3.10)
    tilt (1.3.2)
    unicorn (3.7.0)
      kgio (~> 2.3)
      rack

PLATFORMS
  ruby

DEPENDENCIES
  activesupport
  coffee-script
  haml
  i18n
  json
  rrd-ffi
  sass
  shotgun
  sinatra
  sinatra-content-for
  therubyracer
  unicorn
